GEM
  remote: http://rubygems.org/
  specs:
    grackle (0.1.10)
      json
      mime-types
      oauth
    haml (5.0.0)
      temple (>= 0.8.0)
      tilt
    json (1.4.6)
    mime-types (1.16)
    oauth (0.4.4)
    rack (1.2.1)
    sinatra (1.1.2)
      rack (~> 1.1)
      tilt (~> 1.2)
    temple (0.8.2)
    tilt (1.2.1)

PLATFORMS
  ruby

DEPENDENCIES
  grackle (~> 0.1)
  haml (~> 5.0)
  sinatra (~> 1.1)
