GEM
  remote: http://rubygems.org/
  specs:
    grackle (0.1.10)
      json
      mime-types
      oauth
    haml (3.0.25)
    json (1.4.6)
    mime-types (1.16)
    mustermann (2.0.2)
      ruby2_keywords (~> 0.0.1)
    oauth (0.4.4)
    rack (2.2.4)
    rack-protection (2.2.3)
      rack
    ruby2_keywords (0.0.5)
    sinatra (2.2.3)
      mustermann (~> 2.0)
      rack (~> 2.2)
      rack-protection (= 2.2.3)
      tilt (~> 2.0)
    tilt (2.0.11)

PLATFORMS
  ruby

DEPENDENCIES
  grackle (~> 0.1)
  haml (~> 3.0)
  sinatra (~> 2.2)
