GEM
  remote: http://rubygems.org/
  specs:
    grackle (0.1.10)
      json
      mime-types
      oauth
    haml (3.0.25)
    json (1.4.6)
    mime-types (1.16)
    oauth (0.4.4)
    rack (1.6.11)
    sinatra (1.1.2)
      rack (~> 1.1)
      tilt (~> 1.2)
    tilt (1.2.1)

PLATFORMS
  ruby

DEPENDENCIES
  grackle (~> 0.1)
  haml (~> 3.0)
  sinatra (~> 1.1)
